{
	"Modality": "MR",
	"MagneticFieldStrength": 3,
	"ImagingFrequency": 123.256,
	"Manufacturer": "Siemens",
	"ManufacturersModelName": "Prisma",
	"InstitutionName": "fPACS",
	"InstitutionalDepartmentName": "RAB-HBE HOVEDRONTGEN",
	"InstitutionAddress": "Jonas Lies vei 65,Bergen,District,NO,5021",
	"DeviceSerialNumber": "66035",
	"StationName": "NHBEHRTGP3MR",
	"BodyPartExamined": "KIDNEY",
	"PatientPosition": "HFS",
	"SoftwareVersions": "syngo MR E11",
	"MRAcquisitionType": "3D",
	"SeriesDescription": "fl3d_dynamic",
	"ProtocolName": "fl3d_dynamic",
	"ScanningSequence": "GR",
	"SequenceVariant": "SP\\OSP",
	"ScanOptions": "PFP",
	"SequenceName": "*fl3d1",
	"ImageType": ["ORIGINAL", "PRIMARY", "M", "DIS2D", "NORM"],
	"SeriesNumber": 14,
	"AcquisitionTime": "14:35:31.662500",
	"AcquisitionNumber": 1,
	"SliceThickness": 3,
	"SAR": 1.91441,
	"EchoTime": 0.0007,
	"RepetitionTime": 2.9875,
	"RepetitionTimeExcitation": 0.00194,
	"FlipAngle": 15,
	"PartialFourier": 0.75,
	"BaseResolution": 192,
	"ShimSetting": [
		-4039,
		-11026,
		-5802,
		-133,
		-147,
		-79,
		-2271,
		-89	],
	"TxRefAmp": 245.128,
	"PhaseResolution": 0.7,
	"PhaseOversampling": 0.5,
	"ReceiveCoilName": "Spine_32",
	"ReceiveCoilActiveElements": "BO1-3;SP1-4",
	"PulseSequenceDetails": "%SiemensSeq%\\fl3d_ce",
	"RefLinesPE": 24,
	"ConsistencyInfo": "N4_VE11C_LATEST_20160120",
	"PercentPhaseFOV": 100,
	"PercentSampling": 70,
	"PhaseEncodingSteps": 162,
	"AcquisitionMatrixPE": 134,
	"ReconMatrixPE": 134,
	"ParallelReductionFactorInPlane": 3,
	"PixelBandwidth": 965,
	"ImageOrientationPatientDICOM": [
		0.999999,
		0.00117496,
		-1.31248e-08,
		-2.07304e-06,
		0.00175318,
		-0.999998	],
	"ConversionSoftware": "dcm2niix",
	"ConversionSoftwareVersion": "v1.0.20210317"
}
